GEM
  remote: https://rubygems.org/
  specs:
    dbt (1.1.5)
    motion-kit (0.17.0)
      dbt (~> 1.1.5)
    rake (12.3.1)

PLATFORMS
  ruby

DEPENDENCIES
  motion-kit
  rake

BUNDLED WITH
   1.16.2
